GIT
  remote: https://github.com/middleman/middleman.git
  revision: 3c78d9f171e44806165bf2a5c710b376a23bcd7b
  specs:
    middleman (3.0.0.beta.2)
      middleman-core (= 3.0.0.beta.2)
      middleman-more (= 3.0.0.beta.2)
    middleman-core (3.0.0.beta.2)
      activesupport (~> 3.2.0)
      fssm (~> 0.2.8)
      rack (~> 1.4.0)
      rack-test (~> 0.6.1)
      thor (~> 0.14.0)
      tilt (~> 1.3.1)
    middleman-more (3.0.0.beta.2)
      coffee-script (~> 2.2.0)
      compass (= 0.12.rc.1)
      execjs (~> 1.2)
      haml (~> 3.1.0)
      middleman-core (= 3.0.0.beta.2)
      redcarpet (~> 2.0.0)
      sass (~> 3.1.7)
      sprockets (~> 2.1.0)
      sprockets-sass (~> 0.6.0)
      uglifier (~> 1.2.0)

GEM
  remote: http://rubygems.org/
  specs:
    activesupport (3.2.1)
      i18n (~> 0.6)
      multi_json (~> 1.0)
    chunky_png (1.2.5)
    coderay (1.0.5)
    coffee-script (2.2.0)
      coffee-script-source
      execjs
    coffee-script-source (1.2.0)
    compass (0.12.rc.1)
      chunky_png (~> 1.2)
      fssm (>= 0.2.7)
      sass (~> 3.1)
    diff-lcs (1.1.3)
    execjs (1.3.0)
      multi_json (~> 1.0)
    fssm (0.2.8.1)
    haml (3.1.4)
    hike (1.2.1)
    i18n (0.6.0)
    method_source (0.7.0)
    multi_json (1.1.0)
    nokogiri (1.5.0)
    pry (0.9.8.2)
      coderay (~> 1.0.5)
      method_source (~> 0.7)
      slop (>= 2.4.4, < 3)
    rack (1.4.1)
    rack-codehighlighter (0.5.0)
      nokogiri (>= 1.4.1)
      rack (>= 1.0.0)
    rack-test (0.6.1)
      rack (>= 1.0)
    redcarpet (2.0.1)
    rspec (2.8.0)
      rspec-core (~> 2.8.0)
      rspec-expectations (~> 2.8.0)
      rspec-mocks (~> 2.8.0)
    rspec-core (2.8.0)
    rspec-expectations (2.8.0)
      diff-lcs (~> 1.1.2)
    rspec-mocks (2.8.0)
    rygments (0.2.0)
    sass (3.1.15)
    slop (2.4.4)
    sprockets (2.1.2)
      hike (~> 1.2)
      rack (~> 1.0)
      tilt (~> 1.1, != 1.3.0)
    sprockets-sass (0.6.0)
      sprockets (~> 2.0)
      tilt (~> 1.1)
    thor (0.14.6)
    tilt (1.3.3)
    uglifier (1.2.3)
      execjs (>= 0.3.0)
      multi_json (>= 1.0.2)
    virtus (0.3.0)

PLATFORMS
  ruby

DEPENDENCIES
  middleman!
  pry
  rack-codehighlighter
  redcarpet
  rspec
  rygments
  virtus
